GEM
  remote: https://rubygems.org/
  specs:
    builder (3.2.2)
    jwt (0.1.8)
      multi_json (>= 1.5)
    multi_json (1.7.9)
    rack (1.5.2)
    sinatra (1.1.0)
      rack (~> 1.1)
      tilt (~> 1.1)
    tilt (1.4.1)
    twilio-ruby (3.10.1)
      builder (>= 2.1.2)
      jwt (>= 0.1.2)
      multi_json (>= 1.3.0)

PLATFORMS
  x86-mingw32

DEPENDENCIES
  sinatra (= 1.1.0)
  twilio-ruby
